GEM
  remote: https://rubygems.org/
  specs:
    bitcoin-ruby (0.0.20)
      eventmachine
      ffi
      scrypt
    csv (3.3.0)
    eventmachine (1.2.7)
    ffi (1.16.3)
    ffi-compiler (1.3.2)
      ffi (>= 1.15.5)
      rake
    httparty (0.22.0)
      csv
      mini_mime (>= 1.0.0)
      multi_xml (>= 0.5.2)
    mini_mime (1.1.5)
    multi_xml (0.6.0)
    rake (13.2.1)
    scrypt (3.0.7)
      ffi-compiler (>= 1.0, < 2.0)

PLATFORMS
  ruby

DEPENDENCIES
  bitcoin-ruby
  httparty

BUNDLED WITH
   2.1.4
